PATH
  remote: .
  specs:
    vault-tools (1.0.1)
      aws-sdk (~> 1.0)
      coderay
      excon
      fernet (= 2.0.rc2)
      heroku-api
      rack (~> 2.0)
      rack-ssl-enforcer
      rollbar (~> 2.7.1)
      scrolls (~> 0.9)
      sinatra (~> 2.0.4)
      uuidtools
      zipkin-tracer (~> 0.27)

GEM
  remote: https://rubygems.org/
  specs:
    aws-sdk (1.67.0)
      aws-sdk-v1 (= 1.67.0)
    aws-sdk-v1 (1.67.0)
      json (~> 1.4)
      nokogiri (~> 1)
    coderay (1.1.2)
    concurrent-ruby (1.1.3)
    dotenv (2.5.0)
    excon (0.62.0)
    faraday (0.15.3)
      multipart-post (>= 1.2, < 3)
    fernet (2.0.rc2)
      valcro (= 0.1)
    finagle-thrift (1.4.2)
      thrift (~> 0.9.3)
    guard-compat (1.2.1)
    guard-minitest (2.4.6)
      guard-compat (~> 1.2)
      minitest (>= 3.0)
    heroku-api (0.4.3)
      excon (~> 0.45)
      multi_json (~> 1.8)
    json (1.8.6)
    logfmt (0.0.8)
    method_source (0.9.2)
    mini_portile2 (2.3.0)
    minitest (5.11.3)
    multi_json (1.13.1)
    multipart-post (2.0.0)
    mustermann (1.0.3)
    nokogiri (1.8.5)
      mini_portile2 (~> 2.3.0)
    pry (0.12.2)
      coderay (~> 1.1.0)
      method_source (~> 0.9.0)
    rack (2.0.6)
    rack-protection (2.0.4)
      rack
    rack-ssl-enforcer (0.2.9)
    rack-test (1.1.0)
      rack (>= 1.0, < 3)
    rake (10.5.0)
    rdoc (6.0.4)
    rollbar (2.7.1)
      multi_json
    rr (1.2.1)
    scrolls (0.9.0)
    shotgun (0.9.2)
      rack (>= 1.0)
    sinatra (2.0.4)
      mustermann (~> 1.0)
      rack (~> 2.0)
      rack-protection (= 2.0.4)
      tilt (~> 2.0)
    sucker_punch (2.1.1)
      concurrent-ruby (~> 1.0)
    thrift (0.9.3.0)
    tilt (2.0.8)
    uuidtools (2.1.5)
    valcro (0.1)
    vault-test-tools (0.4.2)
      logfmt
      minitest (~> 5.11)
      nokogiri
      rack-test (~> 1.1)
      rr
      scrolls (= 0.9)
    yard (0.9.16)
    yard-sinatra (1.0.0)
      yard (~> 0.7)
    zipkin-tracer (0.29.1)
      faraday (~> 0.8)
      finagle-thrift (~> 1.4.2)
      rack (>= 1.0)
      sucker_punch (~> 2.0)

PLATFORMS
  ruby

DEPENDENCIES
  dotenv
  guard-minitest
  pry
  rake (~> 10.4)
  rdoc
  shotgun (~> 0.9.2)
  vault-test-tools (~> 0.4.2)
  vault-tools!
  yard
  yard-sinatra

BUNDLED WITH
   1.17.1
