GIT
  remote: https://github.com/heroku/vault-test-tools/
  revision: 35f3fb3995d63fc4da029b3b9d43786adc341b63
  branch: update-ruby-version
  specs:
    vault-test-tools (2.0.0)
      logfmt
      minitest (~> 5.19)
      nokogiri
      rack-test (~> 2.1)
      rr (~> 3.1)
      scrolls

PATH
  remote: .
  specs:
    vault-tools (3.0)
      aws-sdk-s3 (~> 1.132)
      coderay
      excon
      fernet (~> 2.3)
      rack (~> 2.2.4)
      rack-ssl-enforcer
      rollbar (~> 3.4)
      scrolls (~> 0.9)
      sinatra (~> 3.1)
      uuidtools

GEM
  remote: https://rubygems.org/
  specs:
    aws-eventstream (1.2.0)
    aws-partitions (1.801.0)
    aws-sdk-core (3.180.3)
      aws-eventstream (~> 1, >= 1.0.2)
      aws-partitions (~> 1, >= 1.651.0)
      aws-sigv4 (~> 1.5)
      jmespath (~> 1, >= 1.6.1)
    aws-sdk-kms (1.71.0)
      aws-sdk-core (~> 3, >= 3.177.0)
      aws-sigv4 (~> 1.1)
    aws-sdk-s3 (1.132.1)
      aws-sdk-core (~> 3, >= 3.179.0)
      aws-sdk-kms (~> 1)
      aws-sigv4 (~> 1.6)
    aws-sigv4 (1.6.0)
      aws-eventstream (~> 1, >= 1.0.2)
    coderay (1.1.3)
    dotenv (2.7.6)
    excon (0.100.0)
    fernet (2.3)
      valcro (~> 0.1)
    jmespath (1.6.2)
    logfmt (0.0.10)
    method_source (1.0.0)
    mini_portile2 (2.8.4)
    minitest (5.19.0)
    mustermann (3.0.0)
      ruby2_keywords (~> 0.0.1)
    nokogiri (1.15.3)
      mini_portile2 (~> 2.8.2)
      racc (~> 1.4)
    pry (0.14.1)
      coderay (~> 1.1)
      method_source (~> 1.0)
    racc (1.7.1)
    rack (2.2.8)
    rack-protection (3.1.0)
      rack (~> 2.2, >= 2.2.4)
    rack-ssl-enforcer (0.2.9)
    rack-test (2.1.0)
      rack (>= 1.3)
    rake (13.0.6)
    rdoc (6.3.2)
    rollbar (3.4.0)
    rr (3.1.0)
    ruby2_keywords (0.0.5)
    scrolls (0.9.5)
    sinatra (3.1.0)
      mustermann (~> 3.0)
      rack (~> 2.2, >= 2.2.4)
      rack-protection (= 3.1.0)
      tilt (~> 2.0)
    tilt (2.2.0)
    uuidtools (2.2.0)
    valcro (0.2.1)
    yard (0.9.26)

PLATFORMS
  ruby

DEPENDENCIES
  dotenv
  pry
  rake (~> 13.0)
  rdoc
  vault-test-tools!
  vault-tools!
  yard

BUNDLED WITH
   2.2.26
