PATH
  remote: .
  specs:
    vault-tools (0.5.17)
      aws-sdk
      excon
      fernet (= 2.0.rc2)
      heroku-api
      honeybadger
      rack-ssl-enforcer
      rdoc
      scrolls
      sinatra (~> 1.4.4)
      uuidtools
      yard

GEM
  remote: https://rubygems.org/
  specs:
    ansi (1.4.3)
    aws-sdk (1.57.0)
      aws-sdk-v1 (= 1.57.0)
    aws-sdk-v1 (1.57.0)
      json (~> 1.4)
      nokogiri (>= 1.4.4)
    celluloid (0.16.0)
      timers (~> 4.0.0)
    coderay (1.1.0)
    excon (0.42.1)
    fernet (2.0.rc2)
      valcro (= 0.1)
    ffi (1.9.6)
    formatador (0.2.5)
    guard (2.8.1)
      formatador (>= 0.2.4)
      listen (~> 2.7)
      lumberjack (~> 1.0)
      pry (>= 0.9.12)
      thor (>= 0.18.1)
    guard-minitest (2.3.2)
      guard (~> 2.0)
      minitest (>= 3.0)
    heroku-api (0.3.19)
      excon (~> 0.38)
      multi_json (~> 1.8)
    hitimes (1.2.2)
    honeybadger (1.16.5)
      json
    json (1.8.1)
    listen (2.7.11)
      celluloid (>= 0.15.2)
      rb-fsevent (>= 0.9.3)
      rb-inotify (>= 0.9)
    logfmt (0.0.7)
    lumberjack (1.0.9)
    method_source (0.8.2)
    mini_portile (0.6.1)
    minitest (4.7.5)
    multi_json (1.10.1)
    nokogiri (1.6.4)
      mini_portile (~> 0.6.0)
    pry (0.10.1)
      coderay (~> 1.1.0)
      method_source (~> 0.8.1)
      slop (~> 3.4)
    rack (1.5.2)
    rack-protection (1.5.3)
      rack
    rack-ssl-enforcer (0.2.8)
    rack-test (0.6.2)
      rack (>= 1.0)
    rake (10.3.2)
    rb-fsevent (0.9.4)
    rb-inotify (0.9.5)
      ffi (>= 0.5.0)
    rdoc (4.2.0)
      json (~> 1.4)
    rr (1.1.2)
    scrolls (0.3.8)
    shotgun (0.9)
      rack (>= 1.0)
    sinatra (1.4.5)
      rack (~> 1.4)
      rack-protection (~> 1.4)
      tilt (~> 1.3, >= 1.3.4)
    slop (3.6.0)
    thor (0.19.1)
    tilt (1.4.1)
    timers (4.0.1)
      hitimes
    turn (0.9.7)
      ansi
      minitest (~> 4)
    uuidtools (2.1.5)
    valcro (0.1)
    vault-test-tools (0.3.9)
      guard-minitest
      logfmt
      minitest (~> 4.7.4)
      nokogiri
      rack-test
      rr
      scrolls
      turn
    yard (0.8.7.6)
    yard-sinatra (1.0.0)
      yard (~> 0.7)

PLATFORMS
  ruby

DEPENDENCIES
  guard-minitest
  rake
  shotgun
  vault-test-tools
  vault-tools!
  yard-sinatra
