PATH
  remote: .
  specs:
    vault-tools (2.1.1)
      aws-sdk-s3 (~> 1.0)
      coderay
      excon
      fernet (= 2.0)
      rack (~> 2.0)
      rack-ssl-enforcer
      rollbar (~> 2.18.2)
      scrolls (~> 0.9)
      sinatra (>= 2.0.4, < 2.3.0)
      uuidtools

GEM
  remote: https://rubygems.org/
  specs:
    aws-eventstream (1.1.1)
    aws-partitions (1.491.0)
    aws-sdk-core (3.119.1)
      aws-eventstream (~> 1, >= 1.0.2)
      aws-partitions (~> 1, >= 1.239.0)
      aws-sigv4 (~> 1.1)
      jmespath (~> 1.0)
    aws-sdk-kms (1.46.0)
      aws-sdk-core (~> 3, >= 3.119.0)
      aws-sigv4 (~> 1.1)
    aws-sdk-s3 (1.99.0)
      aws-sdk-core (~> 3, >= 3.119.0)
      aws-sdk-kms (~> 1)
      aws-sigv4 (~> 1.1)
    aws-sigv4 (1.2.4)
      aws-eventstream (~> 1, >= 1.0.2)
    coderay (1.1.3)
    dotenv (2.7.6)
    excon (0.85.0)
    fernet (2.0)
      valcro (= 0.1)
    jmespath (1.4.0)
    logfmt (0.0.9)
    method_source (1.0.0)
    mini_portile2 (2.6.1)
    minitest (5.14.4)
    minitest-around (0.5.0)
      minitest (~> 5.0)
    multi_json (1.15.0)
    mustermann (1.1.1)
      ruby2_keywords (~> 0.0.1)
    nokogiri (1.12.3)
      mini_portile2 (~> 2.6.1)
      racc (~> 1.4)
    pry (0.14.1)
      coderay (~> 1.1)
      method_source (~> 1.0)
    racc (1.5.2)
    rack (2.2.3)
    rack-protection (2.2.0)
      rack
    rack-ssl-enforcer (0.2.9)
    rack-test (1.1.0)
      rack (>= 1.0, < 3)
    rake (13.0.6)
    rdoc (6.3.2)
    rollbar (2.18.2)
      multi_json
    rr (1.2.1)
    ruby2_keywords (0.0.5)
    scrolls (0.9.1)
    shotgun (0.9.2)
      rack (>= 1.0)
    sinatra (2.2.0)
      mustermann (~> 1.0)
      rack (~> 2.2)
      rack-protection (= 2.2.0)
      tilt (~> 2.0)
    tilt (2.0.10)
    uuidtools (2.2.0)
    valcro (0.1)
    vault-test-tools (1.1.0)
      logfmt
      minitest (~> 5.11)
      nokogiri
      rack-test (~> 1.1)
      rr (~> 1.2)
      scrolls
    yard (0.9.26)
    yard-sinatra (1.0.0)
      yard (~> 0.7)

PLATFORMS
  ruby

DEPENDENCIES
  dotenv
  minitest-around
  pry
  rake (~> 13.0)
  rdoc
  shotgun (~> 0.9.2)
  vault-test-tools (~> 1.1.0)
  vault-tools!
  yard
  yard-sinatra

BUNDLED WITH
   2.2.26
