PATH
  remote: .
  specs:
    vault-tools (0.5.22)
      aws-sdk (~> 1.0)
      coderay
      excon
      fernet (= 2.0.rc2)
      heroku-api
      rack (~> 1.6.4)
      rack-ssl-enforcer
      rollbar (~> 2.7.1)
      scrolls
      sinatra (~> 1.4.4)
      uuidtools
      zipkin-tracer (~> 0.27)

GEM
  remote: https://rubygems.org/
  specs:
    ansi (1.5.0)
    aws-sdk (1.67.0)
      aws-sdk-v1 (= 1.67.0)
    aws-sdk-v1 (1.67.0)
      json (~> 1.4)
      nokogiri (~> 1)
    coderay (1.1.2)
    concurrent-ruby (1.0.5)
    dotenv (2.0.0)
    excon (0.60.0)
    faraday (0.14.0)
      multipart-post (>= 1.2, < 3)
    fernet (2.0.rc2)
      valcro (= 0.1)
    finagle-thrift (1.4.2)
      thrift (~> 0.9.3)
    guard-compat (1.2.1)
    guard-minitest (2.4.4)
      guard-compat (~> 1.2)
      minitest (>= 3.0)
    heroku-api (0.4.3)
      excon (~> 0.45)
      multi_json (~> 1.8)
    json (1.8.6)
    logfmt (0.0.7)
    method_source (0.9.0)
    mini_portile (0.6.2)
    minitest (4.7.5)
    multi_json (1.13.1)
    multipart-post (2.0.0)
    nokogiri (1.6.6.2)
      mini_portile (~> 0.6.0)
    pry (0.11.3)
      coderay (~> 1.1.0)
      method_source (~> 0.9.0)
    rack (1.6.4)
    rack-protection (1.5.4)
      rack
    rack-ssl-enforcer (0.2.9)
    rack-test (0.6.3)
      rack (>= 1.0)
    rake (10.4.2)
    rdoc (6.0.1)
    rollbar (2.7.1)
      multi_json
    rr (1.1.2)
    scrolls (0.3.8)
    shotgun (0.9.1)
      rack (>= 1.0)
    sinatra (1.4.8)
      rack (~> 1.5)
      rack-protection (~> 1.4)
      tilt (>= 1.3, < 3)
    sucker_punch (2.0.4)
      concurrent-ruby (~> 1.0.0)
    thrift (0.9.3.0)
    tilt (2.0.8)
    turn (0.9.7)
      ansi
      minitest (~> 4)
    uuidtools (2.1.5)
    valcro (0.1)
    vault-test-tools (0.3.9)
      guard-minitest
      logfmt
      minitest (~> 4.7.4)
      nokogiri
      rack-test
      rr
      scrolls
      turn
    yard (0.8.7.6)
    yard-sinatra (1.0.0)
      yard (~> 0.7)
    zipkin-tracer (0.27.2.1)
      faraday (~> 0.8)
      finagle-thrift (~> 1.4.2)
      rack (>= 1.0)
      sucker_punch (~> 2.0)

PLATFORMS
  ruby

DEPENDENCIES
  dotenv
  guard-minitest
  pry
  rake
  rdoc
  shotgun
  vault-test-tools
  vault-tools!
  yard
  yard-sinatra

BUNDLED WITH
   1.16.1
